GEM
  remote: https://rubygems.org/
  specs:
    actionmailer (4.0.12)
      actionpack (= 4.0.12)
      mail (~> 2.5, >= 2.5.4)
    actionpack (4.0.12)
      activesupport (= 4.0.12)
      builder (~> 3.1.0)
      erubis (~> 2.7.0)
      rack (~> 1.5.2)
      rack-test (~> 0.6.2)
    activemodel (4.0.12)
      activesupport (= 4.0.12)
      builder (~> 3.1.0)
    activerecord (4.0.12)
      activemodel (= 4.0.12)
      activerecord-deprecated_finders (~> 1.0.2)
      activesupport (= 4.0.12)
      arel (~> 4.0.0)
    activerecord-deprecated_finders (1.0.3)
    activesupport (4.0.12)
      i18n (~> 0.6, >= 0.6.9)
      minitest (~> 4.2)
      multi_json (~> 1.3)
      thread_safe (~> 0.1)
      tzinfo (~> 0.3.37)
    addressable (2.4.0)
    arel (4.0.2)
    backports (3.6.4)
    bcrypt (3.1.9)
    bootstrap-sass (3.0.3.0)
      sass (~> 3.2)
    bootstrap-switch-rails (1.9.0)
    builder (3.1.4)
    capybara (2.4.4)
      mime-types (>= 1.16)
      nokogiri (>= 1.3.3)
      rack (>= 1.0.0)
      rack-test (>= 0.5.4)
      xpath (~> 2.0)
    celluloid (0.16.0)
      timers (~> 4.0.0)
    cliver (0.3.2)
    coderay (1.1.0)
    coffee-rails (4.0.1)
      coffee-script (>= 2.2.0)
      railties (>= 4.0.0, < 5.0)
    coffee-script (2.3.0)
      coffee-script-source
      execjs
    coffee-script-source (1.8.0)
    coveralls (0.7.1)
      multi_json (~> 1.3)
      rest-client
      simplecov (>= 0.7)
      term-ansicolor
      thor
    crack (0.4.2)
      safe_yaml (~> 1.0.0)
    cucumber (1.3.17)
      builder (>= 2.1.2)
      diff-lcs (>= 1.1.3)
      gherkin (~> 2.12)
      multi_json (>= 1.7.5, < 2.0)
      multi_test (>= 0.1.1)
    cucumber-rails (1.4.2)
      capybara (>= 1.1.2, < 3)
      cucumber (>= 1.3.8, < 2)
      mime-types (>= 1.16, < 3)
      nokogiri (~> 1.5)
      rails (>= 3, < 5)
    database_cleaner (1.3.0)
    delayed_job (4.0.4)
      activesupport (>= 3.0, < 4.2)
    delayed_job_active_record (4.0.2)
      activerecord (>= 3.0, < 4.2)
      delayed_job (>= 3.0, < 4.1)
    descendants_tracker (0.0.4)
      thread_safe (~> 0.3, >= 0.3.1)
    devise (3.4.1)
      bcrypt (~> 3.0)
      orm_adapter (~> 0.1)
      railties (>= 3.2.6, < 5)
      responders
      thread_safe (~> 0.1)
      warden (~> 1.2.3)
    diff-lcs (1.2.5)
    docile (1.1.5)
    dotenv (2.2.1)
    dotenv-rails (2.2.1)
      dotenv (= 2.2.1)
      railties (>= 3.2, < 5.2)
    erubis (2.7.0)
    ethon (0.7.1)
      ffi (>= 1.3.0)
    execjs (2.7.0)
    factory_girl (4.5.0)
      activesupport (>= 3.0.0)
    factory_girl_rails (4.5.0)
      factory_girl (~> 4.5.0)
      railties (>= 3.0.0)
    faraday (0.9.2)
      multipart-post (>= 1.2, < 3)
    faraday_middleware (0.9.1)
      faraday (>= 0.7.4, < 0.10)
    ffi (1.9.6)
    font-awesome-rails (4.0.3.0)
      railties (>= 3.2, < 5.0)
    formatador (0.2.5)
    gh (0.13.2)
      addressable
      backports
      faraday (~> 0.8)
      multi_json (~> 1.0)
      net-http-persistent (>= 2.7)
      net-http-pipeline
    gherkin (2.12.2)
      multi_json (~> 1.3)
    github_api (0.17.0)
      addressable (~> 2.4.0)
      descendants_tracker (~> 0.0.4)
      faraday (~> 0.8, < 0.10)
      hashie (>= 3.4)
      mime-types (>= 1.16, < 3.0)
      oauth2 (~> 1.0)
    guard (2.10.4)
      formatador (>= 0.2.4)
      listen (~> 2.7)
      lumberjack (~> 1.0)
      nenv (~> 0.1)
      pry (>= 0.9.12)
      thor (>= 0.18.1)
    guard-compat (1.1.0)
    guard-cucumber (1.5.3)
      cucumber (>= 1.3.0)
      guard (>= 2.0.0)
      guard-compat (~> 1.0)
      nenv (~> 0.1)
    guard-rspec (4.5.0)
      guard (~> 2.1)
      guard-compat (~> 1.1)
      rspec (>= 2.99.0, < 4.0)
    hashie (3.5.5)
    highline (1.6.21)
    hike (1.2.3)
    hitimes (1.2.2)
    i18n (0.6.11)
    jbuilder (1.5.3)
      activesupport (>= 3.0.0)
      multi_json (>= 1.2.0)
    jquery-rails (3.1.2)
      railties (>= 3.0, < 5.0)
      thor (>= 0.14, < 2.0)
    json (1.8.6)
    jwt (1.5.6)
    kramdown (1.13.2)
    launchy (2.4.3)
      addressable (~> 2.3)
    listen (2.8.3)
      celluloid (>= 0.15.2)
      rb-fsevent (>= 0.9.3)
      rb-inotify (>= 0.9)
    lumberjack (1.0.9)
    mail (2.6.3)
      mime-types (>= 1.16, < 3)
    method_source (0.8.2)
    mime-types (2.4.3)
    mini_portile2 (2.1.0)
    minitest (4.7.5)
    multi_json (1.12.1)
    multi_test (0.1.1)
    multi_xml (0.6.0)
    multipart-post (2.0.0)
    nenv (0.1.1)
    net-http-persistent (2.9.4)
    net-http-pipeline (1.0.1)
    netrc (0.10.1)
    nokogiri (1.7.2)
      mini_portile2 (~> 2.1.0)
    oauth2 (1.3.1)
      faraday (>= 0.8, < 0.12)
      jwt (~> 1.0)
      multi_json (~> 1.3)
      multi_xml (~> 0.5)
      rack (>= 1.2, < 3)
    omniauth (1.2.2)
      hashie (>= 1.2, < 4)
      rack (~> 1.0)
    omniauth-github (1.1.2)
      omniauth (~> 1.0)
      omniauth-oauth2 (~> 1.1)
    omniauth-oauth2 (1.2.0)
      faraday (>= 0.8, < 0.10)
      multi_json (~> 1.3)
      oauth2 (~> 1.0)
      omniauth (~> 1.2)
    orm_adapter (0.5.0)
    pg (0.17.1)
    poltergeist (1.5.1)
      capybara (~> 2.1)
      cliver (~> 0.3.1)
      multi_json (~> 1.0)
      websocket-driver (>= 0.2.0)
    pry (0.10.1)
      coderay (~> 1.1.0)
      method_source (~> 0.8.1)
      slop (~> 3.4)
    pusher-client (0.6.0)
      json
      websocket (~> 1.0)
    rack (1.5.5)
    rack-google-analytics (1.2.0)
      actionpack
      activesupport
    rack-test (0.6.2)
      rack (>= 1.0)
    rails (4.0.12)
      actionmailer (= 4.0.12)
      actionpack (= 4.0.12)
      activerecord (= 4.0.12)
      activesupport (= 4.0.12)
      bundler (>= 1.3.0, < 2.0)
      railties (= 4.0.12)
      sprockets-rails (~> 2.0)
    rails_12factor (0.0.3)
      rails_serve_static_assets
      rails_stdout_logging
    rails_serve_static_assets (0.0.2)
    rails_stdout_logging (0.0.3)
    railties (4.0.12)
      actionpack (= 4.0.12)
      activesupport (= 4.0.12)
      rake (>= 0.8.7)
      thor (>= 0.18.1, < 2.0)
    rake (10.4.2)
    rb-fsevent (0.9.4)
    rb-inotify (0.9.5)
      ffi (>= 0.5.0)
    rdoc (4.3.0)
    responders (1.1.2)
      railties (>= 3.2, < 4.2)
    rest-client (1.7.2)
      mime-types (>= 1.16, < 3.0)
      netrc (~> 0.7)
    rspec (3.1.0)
      rspec-core (~> 3.1.0)
      rspec-expectations (~> 3.1.0)
      rspec-mocks (~> 3.1.0)
    rspec-core (3.1.7)
      rspec-support (~> 3.1.0)
    rspec-expectations (3.1.2)
      diff-lcs (>= 1.2.0, < 2.0)
      rspec-support (~> 3.1.0)
    rspec-mocks (3.1.3)
      rspec-support (~> 3.1.0)
    rspec-rails (3.1.0)
      actionpack (>= 3.0)
      activesupport (>= 3.0)
      railties (>= 3.0)
      rspec-core (~> 3.1.0)
      rspec-expectations (~> 3.1.0)
      rspec-mocks (~> 3.1.0)
      rspec-support (~> 3.1.0)
    rspec-support (3.1.2)
    safe_yaml (1.0.4)
    sass (3.2.19)
    sass-rails (4.0.5)
      railties (>= 4.0.0, < 5.0)
      sass (~> 3.2.2)
      sprockets (~> 2.8, < 3.0)
      sprockets-rails (~> 2.0)
    sdoc (0.4.2)
      json (~> 1.7, >= 1.7.7)
      rdoc (~> 4.0)
    simplecov (0.9.1)
      docile (~> 1.1.0)
      multi_json (~> 1.0)
      simplecov-html (~> 0.8.0)
    simplecov-html (0.8.0)
    slop (3.6.0)
    sprockets (2.12.3)
      hike (~> 1.2)
      multi_json (~> 1.0)
      rack (~> 1.0)
      tilt (~> 1.1, != 1.3.0)
    sprockets-rails (2.2.2)
      actionpack (>= 3.0)
      activesupport (>= 3.0)
      sprockets (>= 2.8, < 4.0)
    sqlite3 (1.3.13)
    term-ansicolor (1.3.0)
      tins (~> 1.0)
    thor (0.19.1)
    thread_safe (0.3.6)
    tilt (1.4.1)
    timecop (0.7.1)
    timers (4.0.1)
      hitimes
    tins (1.3.3)
    travis (1.6.11)
      addressable (~> 2.3)
      backports
      faraday (~> 0.9)
      faraday_middleware (~> 0.9)
      gh (~> 0.13)
      highline (~> 1.6)
      launchy (~> 2.1)
      pry (~> 0.9)
      pusher-client (~> 0.4)
      typhoeus (~> 0.6, >= 0.6.8)
    turbolinks (2.5.3)
      coffee-rails
    typhoeus (0.6.9)
      ethon (>= 0.7.1)
    tzinfo (0.3.42)
    uglifier (3.2.0)
      execjs (>= 0.3.0, < 3)
    vcr (2.9.3)
    warden (1.2.3)
      rack (>= 1.0)
    webmock (1.20.4)
      addressable (>= 2.3.6)
      crack (>= 0.3.2)
    websocket (1.2.1)
    websocket-driver (0.5.0)
      websocket-extensions (>= 0.1.0)
    websocket-extensions (0.1.1)
    xpath (2.0.0)
      nokogiri (~> 1.3)

PLATFORMS
  ruby

DEPENDENCIES
  bootstrap-sass (~> 3.0.3)
  bootstrap-switch-rails (~> 1.9.0)
  coffee-rails (~> 4.0.0)
  coveralls
  cucumber-rails
  database_cleaner
  delayed_job_active_record
  devise
  dotenv-rails
  factory_girl_rails
  font-awesome-rails (~> 4.0.3)
  github_api (~> 0.17)
  guard
  guard-cucumber
  guard-rspec
  jbuilder (~> 1.2)
  jquery-rails
  kramdown
  omniauth
  omniauth-github
  pg
  poltergeist
  rack-google-analytics
  rails (~> 4.0.2)
  rails_12factor
  rspec-rails
  sass-rails (~> 4.0.0)
  sdoc
  sqlite3
  timecop
  travis
  turbolinks
  uglifier (>= 3.2.0)
  vcr
  webmock
